ObjectType = Image
NDims = 3
BinaryData = True
BinaryDataByteOrderMSB = False
CompressedData = False
TransformMatrix = 1 0 0 0 1 0 0 0 1
Offset = 0 0 0
CenterOfRotation = 0 0 0
ElementSpacing = 0.00091292 0.0010882 0.00078481
DimSize = 240 224 208
AnatomicalOrientation = ???
ElementType = MET_UCHAR
ElementDataFile = Patient1_frame01.raw
